{
	"TaskName": "p300",
	"Manufacturer": "g.tec",
	"PowerLineFrequency": 50.0,
	"SamplingFrequency": 512.0,
	"SoftwareFilters": "n/a",
	"RecordingDuration": 264.748046875,
	"RecordingType": "continuous",
	"EEGReference": "right earlobe",
	"EEGGround": "Fz",
	"EEGPlacementScheme": "10-10 system",
	"EEGChannelCount": 32,
	"EOGChannelCount": 0,
	"ECGChannelCount": 0,
	"EMGChannelCount": 0,
	"TriggerChannelCount": 0,
	"ManufacturersModelName": "g.USBamp (g.tec, Schiedlberg, Austria)",
	"SoftwareVersions": "OpenVibe",
	"CapManufacturer": "g.tec",
	"CapManufacturersModelName": "g.GAMMAcap",
	"HardwareFilters": {
		"HardwareFilter": {
			"Description": "no digital filter applied"
		}
	},
	"TaskDescription": "[target detection] calibration-less P300-based BCI with modulation of flash duration; three game sessions (9 levels each) with different flash durations (110ms, 80ms, 50ms); resting state and eyes closed recorded before and after sessions; subjects instructed to limit eye blinks, head movements and face muscular contractions",
	"Instructions": "destroy target symbol within 8 attempts; aliens move slowly and regularly according to predefined path to maintain attention",
	"CogAtlasID": "https://www.cognitiveatlas.org/task/id/tsk_GxjZBNiJorj1K/",
	"InstitutionName": "GIPSA-lab, CNRS, University Grenoble-Alpes, Grenoble INP",
	"InstitutionAddress": "GIPSA-lab, 11 rue des Math\u00e9matiques, Grenoble Campus BP46, F-38402, France",
	"InstitutionalDepartmentName": "n/a",
	"SubjectArtefactDescription": "n/a",
	"DeviceSerialNumber": "n/a",
	"Description": "EEG recording.",
	"MISCChannelCount": 0
}